GEM
  remote: https://rubygems.org/
  specs:
    chunky_png (1.3.11)

PLATFORMS
  ruby

DEPENDENCIES
  chunky_png

BUNDLED WITH
   1.16.0
